PATH
  remote: .
  specs:
    ultra_races (0.1.0)

GEM
  remote: https://rubygems.org/
  specs:
    rake (12.3.3)
    nokogiri (1.10.7)
    pry (0.12.2)

PLATFORMS
  ruby

DEPENDENCIES
  rake (~> 12.0)
  pry (~> 0.12.2)
  bundler (~> 2.0)

BUNDLED WITH
   2.1.2



